GIT
  remote: git://github.com/GoBoundless/newrelic_plugin.git
  revision: 2a9619fa3aadbabefb59f2e33087b6ed8400aed0
  specs:
    newrelic_plugin (1.0.2)
      faraday (>= 0.8.1)
      json

GEM
  remote: http://rubygems.org/
  specs:
    faraday (0.8.7)
      multipart-post (~> 1.1)
    json (1.8.0)
    multipart-post (1.2.0)
    newrelic_postgres_plugin (0.1.2)
      newrelic_plugin (>= 0.2.11)
      pg (>= 0.15.1)
    pg (0.15.1)

PLATFORMS
  ruby

DEPENDENCIES
  newrelic_plugin!
  newrelic_postgres_plugin (= 0.1.2)
