GEM
  remote: http://rubygems.org/
  specs:
    json (1.8.1)
    newrelic_plugin (1.3.1)
      json
    newrelic_postgres_plugin (0.2.1)
      newrelic_plugin (~> 1.3)
      pg (>= 0.15.1)
    pg (0.17.1)

PLATFORMS
  ruby

DEPENDENCIES
  newrelic_plugin
  newrelic_postgres_plugin (~> 0.2.0)
