GIT
  remote: git://github.com/GoBoundless/newrelic_plugin.git
  revision: 2a9619fa3aadbabefb59f2e33087b6ed8400aed0
  specs:
    newrelic_plugin (1.0.2)
      faraday (>= 0.8.1)
      json

GEM
  remote: http://rubygems.org/
  specs:
    faraday (0.8.8)
      multipart-post (~> 1.2.0)
    json (1.8.1)
    multipart-post (1.2.0)
    newrelic_postgres_plugin (0.1.8)
      newrelic_plugin (~> 1.0.2)
      pg (>= 0.15.1)
    pg (0.17.0)

PLATFORMS
  ruby

DEPENDENCIES
  newrelic_plugin!
  newrelic_postgres_plugin (~> 0.1.4)
